GEM
  remote: http://rubygems.org/
  specs:
    builder (3.2.0)
    i18n (0.6.2)
    kgio (2.8.0)
    mail (2.5.3)
      i18n (>= 0.4.0)
      mime-types (~> 1.16)
      treetop (~> 1.4.8)
    mime-types (1.21)
    nokogiri (1.5.6)
    polyglot (0.3.3)
    rack (1.5.2)
    rack-protection (1.3.2)
      rack
    rack-test (0.6.2)
      rack (>= 1.0)
    rainbows (4.5.0)
      kgio (~> 2.5)
      rack (~> 1.1)
      unicorn (~> 4.6, >= 4.6.2)
    raindrops (0.10.0)
    rake (10.0.3)
    rakismet (1.3.0)
    redcarpet (2.2.2)
    sequel (3.44.0)
    sinatra (1.3.5)
      rack (~> 1.4)
      rack-protection (~> 1.3)
      tilt (~> 1.3, >= 1.3.3)
    sqlite3 (1.3.7)
    tilt (1.3.3)
    treetop (1.4.12)
      polyglot
      polyglot (>= 0.3.1)
    unicorn (4.6.2)
      kgio (~> 2.6)
      rack
      raindrops (~> 0.7)

PLATFORMS
  ruby

DEPENDENCIES
  builder
  mail
  nokogiri
  rack-test
  rainbows
  rake
  rakismet
  redcarpet
  sequel
  sinatra
  sqlite3
